GEM
  remote: http://rubygems.org/
  specs:
    actionmailer (2.3.10)
      actionpack (= 2.3.10)
    actionpack (2.3.10)
      activesupport (= 2.3.10)
      rack (~> 1.1.0)
    activerecord (2.3.10)
      activesupport (= 2.3.10)
    activeresource (2.3.10)
      activesupport (= 2.3.10)
    activesupport (2.3.10)
    after_commit (1.0.8)
      activerecord (< 3.0.0)
    cgi_multipart_eof_fix (2.5.0)
    configuration (1.1.0)
    gem_plugin (0.2.3)
    haml (3.0.24)
    jrails (0.6.0)
    json_pure (1.4.6)
    launchy (0.3.7)
      configuration (>= 0.0.5)
      rake (>= 0.8.1)
    mime-types (1.16)
    mongrel (1.1.5-x86-mingw32)
      cgi_multipart_eof_fix (>= 2.4)
      gem_plugin (>= 0.2.3)
    mysql (2.8.1-x86-mingw32)
    nokogiri (1.4.4.1-x86-mingw32)
    rack (1.1.0)
    rack-test (0.5.6)
      rack (>= 1.0)
    rails (2.3.10)
      actionmailer (= 2.3.10)
      actionpack (= 2.3.10)
      activerecord (= 2.3.10)
      activeresource (= 2.3.10)
      activesupport (= 2.3.10)
      rake (>= 0.8.3)
    rake (0.8.7)
    responds_to_parent (1.0.20091013)
    rest-client (1.6.1)
      mime-types (>= 1.16)
    restful_authentication (1.1.6)
      rails (~> 2.3.4)
    riddle (1.2.1)
    sphinx (0.9.10.2122)
    thinking-sphinx (1.4.0)
      activerecord (>= 1.15.6, < 3.0.0)
      after_commit (>= 1.0.7)
      riddle (>= 1.2.0)
    webrat (0.7.2)
      nokogiri (>= 1.2.0)
      rack (>= 1.0)
      rack-test (>= 0.5.3)

PLATFORMS
  x86-mingw32

DEPENDENCIES
  RedCloth
  cgi_multipart_eof_fix
  haml
  jrails
  json_pure
  launchy
  mongrel
  mysql
  rails (= 2.3.10)
  responds_to_parent
  rest-client
  restful_authentication
  sphinx
  thinking-sphinx
  webrat
